GIT
  remote: https://github.com/puppetlabs/beaker
  revision: dbac20fe9cbe5d581564a64934bec82fc3b1cabc
  ref: dbac20fe9
  specs:
    beaker (1.6.2)
      blimpy (~> 0.6)
      fission (~> 0.4)
      inifile (~> 2.0)
      json (~> 1.8)
      mime-types (~> 1.25)
      net-scp (~> 1.1)
      net-ssh (~> 2.6)
      nokogiri (= 1.5.10)
      rbvmomi (= 1.8.1)
      unf (~> 0.1)

GIT
  remote: https://github.com/rodjek/rspec-puppet.git
  revision: 544b168390001eba8941f36b466afa4f26e89057
  ref: 544b168
  specs:
    rspec-puppet (1.0.1)
      rspec

GEM
  remote: https://rubygems.org/
  specs:
    CFPropertyList (2.3.6)
    beaker-rspec (2.2.0)
      beaker (~> 1.3)
      rspec (~> 2.14)
      serverspec (~> 0.14)
      specinfra (~> 0.3)
    blimpy (0.6.7)
      fog
      minitar
      thor
    builder (3.2.4)
    coderay (1.1.2)
    concurrent-ruby (1.1.9)
    coveralls (0.7.2)
      multi_json (~> 1.3)
      rest-client (= 1.6.7)
      simplecov (>= 0.7)
      term-ansicolor (= 1.2.2)
      thor (= 0.18.1)
    deep_merge (1.2.1)
    diff-lcs (1.3)
    docile (1.3.2)
    excon (0.31.0)
    facter (2.5.7)
    fast_gettext (1.8.0)
    fission (0.5.0)
      CFPropertyList (~> 2.2)
    fog (1.19.0)
      builder
      excon (~> 0.31.0)
      formatador (~> 0.2.0)
      mime-types
      multi_json (~> 1.0)
      net-scp (~> 1.1)
      net-ssh (>= 2.1.3)
      nokogiri (~> 1.5)
      ruby-hmac
    formatador (0.2.5)
    hiera (3.7.0)
    highline (2.0.3)
    hocon (1.3.1)
    httpclient (2.8.3)
    inifile (2.0.2)
    json (1.8.6)
    locale (2.1.3)
    method_source (0.9.2)
    mime-types (1.25.1)
    minitar (0.9)
    mocha (1.11.2)
    multi_json (1.15.0)
    net-scp (1.2.1)
      net-ssh (>= 2.6.5)
    net-ssh (2.9.4)
    nokogiri (1.5.10)
    pry (0.12.2)
      coderay (~> 1.1.0)
      method_source (~> 0.9.0)
    puppet (6.25.1)
      concurrent-ruby (~> 1.0)
      deep_merge (~> 1.0)
      facter (> 2.0.1, < 5)
      fast_gettext (~> 1.1)
      hiera (>= 3.2.1, < 4)
      httpclient (~> 2.8)
      locale (~> 2.1)
      multi_json (~> 1.10)
      puppet-resource_api (~> 1.5)
      semantic_puppet (~> 1.0)
    puppet-lint (2.4.2)
    puppet-resource_api (1.8.14)
      hocon (>= 1.0)
    puppet-syntax (2.6.1)
      puppet (>= 5)
      rake
    puppetlabs_spec_helper (1.1.1)
      mocha
      puppet-lint
      puppet-syntax
      rake
      rspec-puppet
    rake (13.0.1)
    rbvmomi (1.8.1)
      builder
      nokogiri (>= 1.4.1)
      trollop
    redcarpet (2.3.0)
    rest-client (1.6.7)
      mime-types (>= 1.16)
    rspec (2.99.0)
      rspec-core (~> 2.99.0)
      rspec-expectations (~> 2.99.0)
      rspec-mocks (~> 2.99.0)
    rspec-core (2.99.2)
    rspec-expectations (2.99.2)
      diff-lcs (>= 1.1.3, < 2.0)
    rspec-mocks (2.99.4)
    ruby-augeas (0.5.0)
    ruby-hmac (0.4.0)
    semantic_puppet (1.0.4)
    serverspec (0.16.0)
      highline
      net-ssh
      rspec (~> 2.13)
      specinfra (>= 0.7.1)
    simplecov (0.18.5)
      docile (~> 1.1)
      simplecov-html (~> 0.11)
    simplecov-html (0.12.2)
    specinfra (0.8.0)
    term-ansicolor (1.2.2)
      tins (~> 0.8)
    thor (0.18.1)
    tins (0.13.2)
    trollop (2.9.10)
    unf (0.1.4)
      unf_ext
    unf_ext (0.0.7.6)
    vagrant-wrapper (2.0.3)
    yard (0.9.24)

PLATFORMS
  ruby

DEPENDENCIES
  beaker!
  beaker-rspec
  coveralls
  pry
  puppet (>= 2.7)
  puppet-lint
  puppet-syntax
  puppetlabs_spec_helper (>= 0.4.1)
  rake
  redcarpet (~> 2.0)
  rspec-puppet!
  ruby-augeas (~> 0.3)
  simplecov
  vagrant-wrapper
  yard

BUNDLED WITH
   1.17.3
